GEM
  remote: https://rubygems.org/
  specs:
    execjs (2.7.0)
    json (2.2.0)
    uglifier (4.2.0)
      execjs (>= 0.3.0, < 3)

PLATFORMS
  ruby

DEPENDENCIES
  json
  uglifier

BUNDLED WITH
   1.17.2
